GEM
  remote: https://rubygems.org/
  specs:
    awesome_print (1.2.0)
    nap (0.8.0)

PLATFORMS
  ruby

DEPENDENCIES
  awesome_print
  nap
